PATH
  remote: .
  specs:
    hammer (0.0.3)
      activesupport
      bundler
      configliere
      eventmachine
      hammer
      hammer-actor
      hammer-weak
      hammer_builder (>= 0.3.1)
      i18n
      log4r
      multi_json
      radix62
    hammer-actor (0.0.1)
    hammer-weak (0.0.1)

GEM
  remote: http://rubygems.org/
  specs:
    activesupport (3.2.12)
      i18n (~> 0.6)
      multi_json (~> 1.0)
    ansi (1.4.3)
    coderay (1.0.9)
    configliere (0.4.18)
      highline (>= 1.5.2)
      multi_json (>= 1.1)
    diff-lcs (1.2.1)
    em-websocket (0.5.0)
      eventmachine (>= 0.12.9)
      http_parser.rb (~> 0.5.3)
    eventmachine (1.0.3)
    eventmachine (1.0.3-java)
    hammer_builder (0.3.1)
      activesupport (~> 3.1)
      activesupport (~> 3.1)
      i18n
      i18n (~> 0.6)
    highline (1.6.16)
    http_parser.rb (0.5.3)
    http_parser.rb (0.5.3-java)
    i18n (0.6.4)
    jrjackson (0.0.7)
    kramdown (1.0.1)
    log4r (1.1.10)
    method_source (0.8.1)
    minitest (4.7.0)
    multi_json (1.7.2)
    pry (0.9.12)
      coderay (~> 1.0.5)
      method_source (~> 0.8)
      slop (~> 3.4)
    pry (0.9.12-java)
      coderay (~> 1.0.5)
      method_source (~> 0.8)
      slop (~> 3.4)
      spoon (~> 0.0)
    puma (1.6.3)
      rack (~> 1.2)
    puma (1.6.3-java)
      rack (~> 1.2)
    rack (1.5.2)
    radix62 (1.0.0)
    rspec (2.13.0)
      rspec-core (~> 2.13.0)
      rspec-expectations (~> 2.13.0)
      rspec-mocks (~> 2.13.0)
    rspec-core (2.13.1)
    rspec-expectations (2.13.0)
      diff-lcs (>= 1.1.3, < 2.0)
    rspec-mocks (2.13.0)
    slop (3.4.4)
    spoon (0.0.1)
    turn (0.9.6)
      ansi
    yard (0.8.5.2)

PLATFORMS
  java
  ruby

DEPENDENCIES
  em-websocket
  hammer!
  jrjackson
  kramdown
  minitest
  pry
  puma
  rack
  rspec
  turn
  yard
