PATH
  remote: .
  specs:
    hammer (0.0.3)
      activesupport
      bundler
      configliere
      eventmachine
      hammer
      hammer_builder
      hammer_builder (>= 0.3.1)
      i18n
      log4r
      radix62
      yajl-ruby
      zmq

GEM
  remote: http://rubygems.org/
  specs:
    activesupport (3.2.8)
      i18n (~> 0.6)
      multi_json (~> 1.0)
    bluecloth (2.2.0)
    configliere (0.4.17)
      highline (>= 1.5.2)
      multi_json (>= 1.1)
    diff-lcs (1.1.3)
    eventmachine (1.0.0)
    git (1.2.5)
    hammer_builder (0.3.1)
      activesupport (~> 3.1)
      activesupport (~> 3.1)
      i18n
      i18n (~> 0.6)
    highline (1.6.15)
    i18n (0.6.1)
    jeweler (1.8.4)
      bundler (~> 1.0)
      git (>= 1.2.5)
      rake
      rdoc
    json (1.7.3)
    log4r (1.1.10)
    multi_json (1.3.6)
    rack (1.4.1)
    rack-test (0.6.1)
      rack (>= 1.0)
    radix62 (0.1.0)
    rake (0.9.2.2)
    rdoc (3.12)
      json (~> 1.4)
    rspec (2.10.0)
      rspec-core (~> 2.10.0)
      rspec-expectations (~> 2.10.0)
      rspec-mocks (~> 2.10.0)
    rspec-core (2.10.1)
    rspec-expectations (2.10.0)
      diff-lcs (~> 1.1.3)
    rspec-mocks (2.10.1)
    yajl-ruby (1.1.0)
    yard (0.8.2.1)
    zmq (2.1.4)

PLATFORMS
  ruby

DEPENDENCIES
  bluecloth
  hammer!
  jeweler
  rack-test (~> 0.6)
  rspec
  yard
