GEM
  remote: http://gemcutter.org/
  specs:
    activesupport (3.0.0.rc2)
    addressable (2.2.0)
    configliere (0.1.1)
    daemons (1.1.0)
    em-websocket (0.1.4)
      addressable (>= 2.1.1)
      eventmachine (>= 0.12.9)
    erector (0.8.1)
      hoe (>= 1.5.0)
    eventmachine (0.12.10)
    hammer (0.0.1)
      activesupport (>= 3.0.0.beta)
      bundler
      configliere
      em-websocket
      erector (>= 0.8.1)
      i18n
      sinatra (>= 1.0)
      thin
      tzinfo
    hoe (2.6.1)
      rake (>= 0.8.7)
      rubyforge (>= 2.0.4)
    i18n (0.4.1)
    json_pure (1.4.6)
    rack (1.2.1)
    rake (0.8.7)
    rubyforge (2.0.4)
      json_pure (>= 1.1.7)
    sinatra (1.0)
      rack (>= 1.0)
    thin (1.2.7)
      daemons (>= 1.0.9)
      eventmachine (>= 0.12.6)
      rack (>= 1.0.0)
    tzinfo (0.3.23)

PLATFORMS
  ruby

DEPENDENCIES
  hammer
